NUGET
  remote: https://nuget.org/api/v2
  specs:
    CsvHelper (2.11.1.1)
    FAKE (3.26.7)
    MathNet.Numerics (3.6.0)
      TaskParallelLibrary (>= 1.0.2856) - framework: >= net35 < net40
    NSubstitute (1.8.1.0)
    NUnit (2.6.4)
    NUnit.Runners (2.6.4)
    TaskParallelLibrary (1.0.2856.0) - framework: >= net35 < net40
