NUGET
  remote: https://nuget.org/api/v2
  specs:
    CsvHelper (2.11.1.1)
    FAKE (3.26.7)
    NUnit (2.6.4)
    NUnit.Runners (2.6.4)
